GEM
  remote: https://rubygems.org/
  specs:
    addressable (2.5.2)
      public_suffix (>= 2.0.2, < 4.0)
    daemons (1.2.6)
    em-websocket (0.3.8)
      addressable (>= 2.1.1)
      eventmachine (>= 0.12.9)
    erubis (2.7.0)
    eventmachine (1.2.7)
    gli (2.17.1)
    htmlentities (4.3.4)
    json (2.1.0)
    kramdown (1.17.0)
    mini_portile2 (2.3.0)
    nokogiri (1.8.2)
      mini_portile2 (~> 2.3.0)
    parslet (1.8.2)
    public_suffix (3.0.2)
    rack (1.6.10)
    rack-protection (1.5.5)
      rack
    redcarpet (3.4.0)
    showoff (0.11.2)
      gli (>= 1.3.2)
      htmlentities
      json
      nokogiri
      parslet
      redcarpet
      sinatra (~> 1.3)
      sinatra-websocket
      thin (~> 1.3)
    sinatra (1.4.8)
      rack (~> 1.5)
      rack-protection (~> 1.4)
      tilt (>= 1.3, < 3)
    sinatra-websocket (0.3.1)
      em-websocket (~> 0.3.6)
      eventmachine
      thin (>= 1.3.1, < 2.0.0)
    thin (1.7.2)
      daemons (~> 1.0, >= 1.0.9)
      eventmachine (~> 1.0, >= 1.0.4)
      rack (>= 1, < 3)
    tilt (2.0.8)

PLATFORMS
  ruby

DEPENDENCIES
  erubis
  kramdown (~> 1.9)
  showoff (~> 0.11.2)

RUBY VERSION
   ruby 2.5.1p57

BUNDLED WITH
   1.16.2
