GEM
  remote: https://rubygems.org/
  specs:
    addressable (2.8.0)
      public_suffix (>= 2.0.2, < 5.0)
    daemons (1.4.1)
    em-websocket (0.3.8)
      addressable (>= 2.1.1)
      eventmachine (>= 0.12.9)
    erubis (2.7.0)
    eventmachine (1.2.7)
    gli (2.21.0)
    htmlentities (4.3.4)
    json (2.6.1)
    kramdown (1.17.0)
    mini_portile2 (2.8.0)
    nokogiri (1.13.3)
      mini_portile2 (~> 2.8.0)
      racc (~> 1.4)
    parslet (2.0.0)
    public_suffix (4.0.6)
    racc (1.6.0)
    rack (1.6.13)
    rack-protection (1.5.5)
      rack
    redcarpet (3.5.1)
    showoff (0.15.4)
      gli (>= 1.3.2)
      htmlentities
      json
      nokogiri
      parslet
      redcarpet
      sinatra (~> 1.3)
      sinatra-websocket
      thin (~> 1.3)
      tilt (>= 2.0.3)
    sinatra (1.4.8)
      rack (~> 1.5)
      rack-protection (~> 1.4)
      tilt (>= 1.3, < 3)
    sinatra-websocket (0.3.1)
      em-websocket (~> 0.3.6)
      eventmachine
      thin (>= 1.3.1, < 2.0.0)
    thin (1.8.1)
      daemons (~> 1.0, >= 1.0.9)
      eventmachine (~> 1.0, >= 1.0.4)
      rack (>= 1, < 3)
    tilt (2.0.10)

PLATFORMS
  ruby

DEPENDENCIES
  erubis
  kramdown (~> 1.9)
  showoff (~> 0.15.0)
  thin

RUBY VERSION
   ruby 2.6.9p207

BUNDLED WITH
   2.3.4
